GEM
  remote: https://rubygems.org/
  specs:
    bcrypt (3.1.13)
    byebug (11.1.1)
    dalli (2.7.10)
    hiredis (0.6.3)
    nio4r (2.5.8)
    pg (1.2.2)
    puma (4.3.9)
      nio4r (~> 2.0)
    rack (2.2.2)
    redis (4.1.3)

PLATFORMS
  ruby

DEPENDENCIES
  bcrypt
  byebug
  dalli
  hiredis
  pg
  puma
  rack
  redis

RUBY VERSION
   ruby 2.6.5p114

BUNDLED WITH
   1.17.3
