GEM
  remote: https://rubygems.org/
  specs:
    bcrypt (3.1.13)
    nio4r (2.5.2)
    pg (1.2.2)
    puma (4.3.3)
      nio4r (~> 2.0)
    puma-heroku (1.1.0)
      puma (>= 3.0, < 5.0)
    rack (2.2.2)
    redis (4.1.3)

PLATFORMS
  ruby

DEPENDENCIES
  bcrypt
  pg
  puma-heroku
  rack
  redis

BUNDLED WITH
   1.17.3
