GEM
  remote: https://rubygems.org/
  specs:
    bcrypt (3.1.13)
    pg (1.2.2)
    rack (2.2.2)
    redis (4.1.3)

PLATFORMS
  ruby

DEPENDENCIES
  bcrypt
  pg
  rack
  redis

BUNDLED WITH
   1.17.3
